GIT
  remote: git://github.com/bryanlarsen/vlad-git.git
  revision: 0fa91ca93089003779aa564b4cdef238f08385cf
  specs:
    vlad-git (2.2.0)
      vlad (>= 2.1.0)

GIT
  remote: git://github.com/jeanmartin/paperclip.git
  revision: 4095e07adaace2a123cbd031fa268928f3b0ce87
  branch: master
  specs:
    paperclip (2.3.10)
      activerecord (>= 2.3.0)
      activesupport (>= 2.3.2)

GIT
  remote: git://github.com/tablatom/hobo.git
  revision: 2f9ebb731b5996916e34f26ef5248df4d85af26b
  branch: 1-3-stable
  specs:
    dryml (1.3.0)
      actionpack (~> 3.0.0)
      hobo_support (= 1.3.0)
    hobo (1.3.0)
      dryml (= 1.3.0)
      hobo_fields (= 1.3.0)
      hobo_support (= 1.3.0)
      will_paginate (>= 3.0.0)
    hobo_fields (1.3.0)
      hobo_support (= 1.3.0)
    hobo_support (1.3.0)
      rails (~> 3.0.0)

GEM
  remote: http://rubygems.org/
  specs:
    abstract (1.0.0)
    actionmailer (3.0.9)
      actionpack (= 3.0.9)
      mail (~> 2.2.19)
    actionpack (3.0.9)
      activemodel (= 3.0.9)
      activesupport (= 3.0.9)
      builder (~> 2.1.2)
      erubis (~> 2.6.6)
      i18n (~> 0.5.0)
      rack (~> 1.2.1)
      rack-mount (~> 0.6.14)
      rack-test (~> 0.5.7)
      tzinfo (~> 0.3.23)
    activemodel (3.0.9)
      activesupport (= 3.0.9)
      builder (~> 2.1.2)
      i18n (~> 0.5.0)
    activerecord (3.0.9)
      activemodel (= 3.0.9)
      activesupport (= 3.0.9)
      arel (~> 2.0.10)
      tzinfo (~> 0.3.23)
    activeresource (3.0.9)
      activemodel (= 3.0.9)
      activesupport (= 3.0.9)
    activesupport (3.0.9)
    arel (2.0.10)
    builder (2.1.2)
    cocaine (0.2.0)
    columnize (0.3.6)
    erubis (2.6.6)
      abstract (>= 1.0.0)
    i18n (0.5.0)
    json (1.6.3)
    linecache (0.46)
      rbx-require-relative (> 0.0.4)
    mail (2.2.19)
      activesupport (>= 2.3.6)
      i18n (>= 0.4.0)
      mime-types (~> 1.16)
      treetop (~> 1.4.8)
    maruku (0.6.0)
      syntax (>= 1.0.0)
    mime-types (1.17.2)
    mysql (2.8.1)
    open4 (1.3.0)
    polyglot (0.3.3)
    rack (1.2.4)
    rack-mount (0.6.14)
      rack (>= 1.0.0)
    rack-test (0.5.7)
      rack (>= 1.0)
    rails (3.0.9)
      actionmailer (= 3.0.9)
      actionpack (= 3.0.9)
      activerecord (= 3.0.9)
      activeresource (= 3.0.9)
      activesupport (= 3.0.9)
      bundler (~> 1.0)
      railties (= 3.0.9)
    railties (3.0.9)
      actionpack (= 3.0.9)
      activesupport (= 3.0.9)
      rake (>= 0.8.7)
      rdoc (~> 3.4)
      thor (~> 0.14.4)
    rake (0.8.7)
    rake-remote_task (2.0.5)
      open4 (~> 1.0)
      rake (~> 0.8)
    rbx-require-relative (0.0.5)
    rdoc (3.11)
      json (~> 1.4)
    ruby-debug (0.10.4)
      columnize (>= 0.1)
      ruby-debug-base (~> 0.10.4.0)
    ruby-debug-base (0.10.4)
      linecache (>= 0.3)
    sqlite3 (1.3.5)
    syntax (1.0.0)
    thor (0.14.6)
    treetop (1.4.10)
      polyglot
      polyglot (>= 0.3.1)
    tzinfo (0.3.31)
    vlad (2.2.3)
      rake (~> 0.8)
      rake-remote_task (~> 2.0)
    will_paginate (3.0.0)
    yard (0.7.4)

PLATFORMS
  ruby

DEPENDENCIES
  cocaine
  hobo!
  maruku
  mysql
  paperclip!
  rails (= 3.0.9)
  rake (= 0.8.7)
  ruby-debug
  sqlite3
  vlad
  vlad-git!
  will_paginate (= 3.0.0)
  yard
